GEM
  remote: https://rubygems.org/
  specs:
    celluloid (0.13.0)
      timers (>= 1.0.0)
    celluloid-io (0.13.1)
      celluloid (>= 0.13.0)
      nio4r (>= 0.4.0)
    celluloid-zmq (0.13.0)
      celluloid (>= 0.13.0)
      celluloid-io (>= 0.13.0)
      ffi
      ffi-rzmq
    ffi (1.8.1)
    ffi-rzmq (1.0.1)
      ffi
    nio4r (0.4.3)
    timers (1.1.0)

PLATFORMS
  ruby

DEPENDENCIES
  celluloid-zmq
